PATH
  remote: .
  specs:
    eventbrite (0.3.0)
      httparty (~> 0.8.0)
      tzinfo (~> 0.3.22)

GEM
  remote: http://rubygems.org/
  specs:
    diff-lcs (1.1.3)
    httparty (0.8.2)
      multi_json
      multi_xml
    multi_json (1.2.0)
    multi_xml (0.4.2)
    rspec (2.9.0)
      rspec-core (~> 2.9.0)
      rspec-expectations (~> 2.9.0)
      rspec-mocks (~> 2.9.0)
    rspec-core (2.9.0)
    rspec-expectations (2.9.1)
      diff-lcs (~> 1.1.3)
    rspec-mocks (2.9.0)
    tzinfo (0.3.33)

PLATFORMS
  ruby

DEPENDENCIES
  eventbrite!
  rspec (~> 2.0)
