PATH
  remote: .
  specs:
    eventbrite (0.3.0)
      httparty (~> 0.7.0)
      tzinfo (~> 0.3.22)

GEM
  remote: http://rubygems.org/
  specs:
    crack (0.1.8)
    httparty (0.7.8)
      crack (= 0.1.8)
    rspec (1.3.2)
    tzinfo (0.3.33)

PLATFORMS
  ruby

DEPENDENCIES
  eventbrite!
  rspec (~> 1.3.0)
